GEM
  remote: https://rubygems.org/
  specs:
    certified (0.1.1)
    http (0.4.0)
      certified
      http_parser.rb
    http_parser.rb (0.5.3)
    multi_json (1.7.2)
    yajl-ruby (1.1.0)

PLATFORMS
  ruby

DEPENDENCIES
  http
  multi_json
  yajl-ruby
